FRAMEWORK: >= NET45
NUGET
  remote: https://nuget.org/api/v2
  specs:
    Biggy (1.0.0)
      Newtonsoft.Json (>= 6.0.3)
    Nancy (1.3.0)
    Nancy.Hosting.Aspnet (1.3.0)
      Nancy (>= 1.3.0)
    Newtonsoft.Json (7.0.1)
